GEM
  remote: https://rubygems.org/
  specs:
    haml (4.0.7)
      tilt
    mustermann (1.0.3)
    rack (2.0.7)
    rack-protection (2.0.5)
      rack
    ruby-mpd (0.3.3)
    sinatra (2.0.5)
      mustermann (~> 1.0)
      rack (~> 2.0)
      rack-protection (= 2.0.5)
      tilt (~> 2.0)
    tilt (2.0.9)

PLATFORMS
  ruby

DEPENDENCIES
  haml
  ruby-mpd
  sinatra

BUNDLED WITH
   1.14.6
