GEM
  remote: https://rubygems.org/
  specs:
    haml (6.2.0)
      temple (>= 0.8.2)
      thor
      tilt
    mustermann (3.0.0)
      ruby2_keywords (~> 0.0.1)
    rack (2.2.8)
    rack-protection (3.1.0)
      rack (~> 2.2, >= 2.2.4)
    ruby-mpd (0.3.3)
    ruby2_keywords (0.0.5)
    sinatra (3.1.0)
      mustermann (~> 3.0)
      rack (~> 2.2, >= 2.2.4)
      rack-protection (= 3.1.0)
      tilt (~> 2.0)
    temple (0.10.2)
    thor (1.2.2)
    tilt (2.3.0)

PLATFORMS
  ruby

DEPENDENCIES
  haml
  ruby-mpd
  sinatra

BUNDLED WITH
   1.14.6
